GIT
  remote: git@github.com:boberetezeke/MotionModel.git
  revision: b7bdaaf35ae6cd177b1a8fa02a2f9e117234379b
  specs:
    motion_model (0.2.6)

GIT
  remote: git@github.com:boberetezeke/teacup.git
  revision: 5dac06f74b6964ddf345e42ecfdcb92654ad683e
  specs:
    teacup (0.3.12)
      rake

GEM
  remote: https://rubygems.org/
  specs:
    bubble-wrap (1.1.4)
    formotion (1.1.4)
      bubble-wrap (>= 1.1.4)
    rake (0.9.2.2)
    sugarcube (0.11)

PLATFORMS
  ruby

DEPENDENCIES
  bubble-wrap
  formotion
  motion_model!
  sugarcube
  teacup!
