GIT
  remote: git@github.com:boberetezeke/MotionModel.git
  revision: b7bdaaf35ae6cd177b1a8fa02a2f9e117234379b
  specs:
    motion_model (0.2.6)

GIT
  remote: git@github.com:boberetezeke/formotion.git
  revision: 0cff7259375d22064f18f8cffac5cb2439219d1e
  specs:
    formotion (1.1.4)
      bubble-wrap (>= 1.1.4)

GIT
  remote: git@github.com:boberetezeke/teacup.git
  revision: f7bdce094d108a7e7aadccae08484718ad287fe3
  specs:
    teacup (0.3.12)
      rake

GEM
  remote: https://rubygems.org/
  specs:
    bubble-wrap (1.1.4)
    rake (0.9.2.2)
    sugarcube (0.11)
    webstub (0.3.1)

PLATFORMS
  ruby

DEPENDENCIES
  bubble-wrap
  formotion!
  motion_model!
  sugarcube
  teacup!
  webstub (~> 0.3.0)
